GEM
  remote: https://rubygems.org/
  specs:
    byebug (9.0.6)
    coderay (1.1.2)
    flickraw (0.9.9)
    method_source (0.8.2)
    pry (0.11.0)
      coderay (~> 1.1.0)
      method_source (~> 0.8.1)
    pry-byebug (3.4.3)
      byebug (>= 9.0, < 9.1)
      pry (~> 0.10)

PLATFORMS
  ruby

DEPENDENCIES
  flickraw
  pry-byebug

BUNDLED WITH
   1.15.4
