GEM
  remote: https://rubygems.org/
  specs:
    byebug (9.0.6)
    flickraw (0.9.9)

PLATFORMS
  ruby

DEPENDENCIES
  byebug
  flickraw

BUNDLED WITH
   1.12.3
